GEM
  remote: https://rubygems.org/
  specs:
    rubymotion_generators (0.0.3)
      thor (~> 0.15)
    thor (0.16.0)

PLATFORMS
  ruby

DEPENDENCIES
  rubymotion_generators
